GEM
  remote: https://rubygems.org/
  specs:
    concurrent-ruby (1.3.5)
    nio4r (2.7.4)
    puma (6.6.1)
      nio4r (~> 2.0)
    rack (3.2.0)
    rackup (2.2.1)
      rack (>= 3)

PLATFORMS
  arm64-darwin-24
  ruby

DEPENDENCIES
  concurrent-ruby (~> 1.3, >= 1.3.5)
  puma (~> 6.6, >= 6.6.1)
  rack (~> 3.2)
  rackup (~> 2.2, >= 2.2.1)

BUNDLED WITH
   2.5.22
